NUGET
  remote: https://www.nuget.org/api/v2
    Aether (8.1.2)
    Microsoft.AspNetCore.Http (1.0.0-rc2-final)
      Microsoft.AspNetCore.Http.Abstractions (>= 1.0.0-rc2-final) - framework: >= net451, >= netstandard13
      Microsoft.AspNetCore.WebUtilities (>= 1.0.0-rc2-final) - framework: >= net451, >= netstandard13
      Microsoft.Extensions.ObjectPool (>= 1.0.0-rc2-final) - framework: >= net451, >= netstandard13
      Microsoft.Extensions.Options (>= 1.0.0-rc2-final) - framework: >= net451, >= netstandard13
      Microsoft.Net.Http.Headers (>= 1.0.0-rc2-final) - framework: >= net451, >= netstandard13
      System.Buffers (>= 4.0.0-rc2-24027) - framework: >= net451, >= netstandard13
      System.Threading (>= 4.0.11-rc2-24027) - framework: >= netstandard13
    Microsoft.AspNetCore.Http.Abstractions (1.0.0-rc2-final) - framework: >= net451, >= netstandard13
      Microsoft.AspNetCore.Http.Features (>= 1.0.0-rc2-final) - framework: >= net451, >= netstandard13
      System.Globalization.Extensions (>= 4.0.1-rc2-24027) - framework: >= netstandard13
      System.Linq.Expressions (>= 4.0.11-rc2-24027) - framework: >= netstandard13
      System.Reflection.TypeExtensions (>= 4.1.0-rc2-24027) - framework: >= netstandard13
      System.Runtime.InteropServices (>= 4.1.0-rc2-24027) - framework: >= netstandard13
      System.Text.Encodings.Web (>= 4.0.0-rc2-24027) - framework: >= net451, >= netstandard13
    Microsoft.AspNetCore.Http.Features (1.0.0-rc2-final) - framework: >= net451, >= netstandard13
      Microsoft.Extensions.Primitives (>= 1.0.0-rc2-final) - framework: >= net451, >= netstandard13
      System.Collections (>= 4.0.11-rc2-24027) - framework: >= netstandard13
      System.ComponentModel (>= 4.0.1-rc2-24027) - framework: >= netstandard13
      System.Linq (>= 4.1.0-rc2-24027) - framework: >= netstandard13
      System.Net.Primitives (>= 4.0.11-rc2-24027) - framework: >= netstandard13
      System.Net.WebSockets (>= 4.0.0-rc2-24027) - framework: >= netstandard13
      System.Runtime.Extensions (>= 4.1.0-rc2-24027) - framework: >= netstandard13
      System.Security.Claims (>= 4.0.1-rc2-24027) - framework: >= netstandard13
      System.Security.Cryptography.X509Certificates (>= 4.1.0-rc2-24027) - framework: >= netstandard13
      System.Security.Principal (>= 4.0.1-rc2-24027) - framework: >= netstandard13
    Microsoft.AspNetCore.WebUtilities (1.0.0-rc2-final) - framework: >= net451, >= netstandard13
      Microsoft.Extensions.Primitives (>= 1.0.0-rc2-final) - framework: >= net451, >= netstandard13
      System.Buffers (>= 4.0.0-rc2-24027) - framework: >= net451, >= netstandard13
      System.Collections (>= 4.0.11-rc2-24027) - framework: >= netstandard13
      System.IO (>= 4.1.0-rc2-24027) - framework: >= netstandard13
      System.IO.FileSystem (>= 4.0.1-rc2-24027) - framework: >= netstandard13
      System.Text.Encodings.Web (>= 4.0.0-rc2-24027) - framework: >= net451, >= netstandard13
    Microsoft.Extensions.DependencyInjection.Abstractions (1.0.0-rc2-final) - framework: >= netstandard13
      System.ComponentModel (>= 4.0.1-rc2-24027) - framework: >= netstandard10
      System.Diagnostics.Debug (>= 4.0.11-rc2-24027) - framework: >= netstandard10
      System.Globalization (>= 4.0.11-rc2-24027) - framework: >= netstandard10
      System.Linq (>= 4.1.0-rc2-24027) - framework: >= netstandard10
      System.Linq.Expressions (>= 4.0.11-rc2-24027) - framework: >= netstandard10
      System.Reflection (>= 4.1.0-rc2-24027) - framework: >= netstandard10
      System.Resources.ResourceManager (>= 4.0.1-rc2-24027) - framework: >= netstandard10
    Microsoft.Extensions.ObjectPool (1.0.0-rc2-final) - framework: >= net451, >= netstandard13
      System.Diagnostics.Debug (>= 4.0.11-rc2-24027) - framework: >= netstandard13
      System.Resources.ResourceManager (>= 4.0.1-rc2-24027) - framework: >= netstandard13
      System.Runtime.Extensions (>= 4.1.0-rc2-24027) - framework: >= netstandard13
      System.Threading (>= 4.0.11-rc2-24027) - framework: >= netstandard13
    Microsoft.Extensions.Options (1.0.0-rc2-final) - framework: >= net451, >= netstandard13
      Microsoft.Extensions.DependencyInjection.Abstractions (>= 1.0.0-rc2-final) - framework: dnxcore50, >= netstandard10
      Microsoft.Extensions.Primitives (>= 1.0.0-rc2-final) - framework: dnxcore50, >= netstandard10
      System.ComponentModel (>= 4.0.1-rc2-24027) - framework: >= netstandard10
      System.Diagnostics.Debug (>= 4.0.11-rc2-24027) - framework: >= netstandard10
      System.Globalization (>= 4.0.11-rc2-24027) - framework: >= netstandard10
      System.Linq (>= 4.1.0-rc2-24027) - framework: >= netstandard10
      System.Linq.Expressions (>= 4.0.11-rc2-24027) - framework: >= netstandard10
      System.Reflection (>= 4.1.0-rc2-24027) - framework: >= netstandard10
      System.Resources.ResourceManager (>= 4.0.1-rc2-24027) - framework: >= netstandard10
      System.Runtime.Extensions (>= 4.1.0-rc2-24027) - framework: >= netstandard10
      System.Threading (>= 4.0.11-rc2-24027) - framework: >= netstandard10
    Microsoft.Extensions.Primitives (1.0.0-rc2-final) - framework: >= net451, >= netstandard13
      System.Resources.ResourceManager (>= 4.0.1-rc2-24027) - framework: >= netstandard10
      System.Runtime (>= 4.1.0-rc2-24027) - framework: >= netstandard10
    Microsoft.Net.Http.Headers (1.0.0-rc2-final) - framework: >= net451, >= netstandard13
      System.Buffers (>= 4.0.0-rc2-24027) - framework: >= netstandard11
      System.Collections (>= 4.0.11-rc2-24027) - framework: >= netstandard11
      System.Diagnostics.Contracts (>= 4.0.1-rc2-24027) - framework: >= netstandard11
      System.Globalization (>= 4.0.11-rc2-24027) - framework: >= netstandard11
      System.Linq (>= 4.1.0-rc2-24027) - framework: >= netstandard11
      System.Resources.ResourceManager (>= 4.0.1-rc2-24027) - framework: >= netstandard11
      System.Runtime.Extensions (>= 4.1.0-rc2-24027) - framework: >= netstandard11
      System.Text.Encoding (>= 4.0.11-rc2-24027) - framework: >= netstandard11
    Microsoft.Win32.Primitives (4.0.1-rc2-24027) - framework: >= netstandard13
      System.Runtime (>= 4.1.0-rc2-24027) - framework: >= netstandard13
    runtime.native.System (4.0.0-rc2-24027) - framework: >= netstandard13
    runtime.native.System.Net.Http (4.0.1-rc2-24027) - framework: >= netstandard13
    runtime.native.System.Security.Cryptography (4.0.0-rc2-24027) - framework: >= netstandard13
    System.Buffers (4.0.0-rc2-24027) - framework: >= net451, >= netstandard13
      System.Diagnostics.Debug (>= 4.0.11-rc2-24027) - framework: >= netstandard11
      System.Diagnostics.Tracing (>= 4.1.0-rc2-24027) - framework: >= netstandard11
      System.Resources.ResourceManager (>= 4.0.1-rc2-24027) - framework: >= netstandard11
      System.Runtime (>= 4.1.0-rc2-24027) - framework: >= netstandard11
      System.Threading (>= 4.0.11-rc2-24027) - framework: >= netstandard11
    System.Collections (4.0.11-rc2-24027) - framework: >= netstandard13
      System.Runtime (>= 4.1.0-rc2-24027) - framework: dnxcore50, netstandard10, >= netstandard13
    System.Collections.Concurrent (4.0.12-rc2-24027) - framework: >= netstandard13
      System.Collections (>= 4.0.11-rc2-24027) - framework: dnxcore50, >= netstandard13
      System.Diagnostics.Debug (>= 4.0.11-rc2-24027) - framework: dnxcore50, >= netstandard13
      System.Diagnostics.Tracing (>= 4.1.0-rc2-24027) - framework: dnxcore50, >= netstandard13
      System.Globalization (>= 4.0.11-rc2-24027) - framework: dnxcore50, >= netstandard13
      System.Reflection (>= 4.1.0-rc2-24027) - framework: >= netstandard13
      System.Resources.ResourceManager (>= 4.0.1-rc2-24027) - framework: dnxcore50, >= netstandard13
      System.Runtime (>= 4.1.0-rc2-24027) - framework: dnxcore50, netstandard11, >= netstandard13
      System.Runtime.Extensions (>= 4.1.0-rc2-24027) - framework: dnxcore50, >= netstandard13
      System.Threading (>= 4.0.11-rc2-24027) - framework: dnxcore50, >= netstandard13
      System.Threading.Tasks (>= 4.0.11-rc2-24027) - framework: dnxcore50, netstandard11, >= netstandard13
    System.ComponentModel (4.0.1-rc2-24027) - framework: >= netstandard13
      System.Runtime (>= 4.1.0-rc2-24027) - framework: dnxcore50, netstandard10, >= netstandard13
    System.Diagnostics.Contracts (4.0.1-rc2-24027) - framework: >= netstandard13
      System.Runtime (>= 4.1.0-rc2-24027) - framework: dnxcore50, >= netstandard10
    System.Diagnostics.Debug (4.0.11-rc2-24027) - framework: >= netstandard13
      System.Runtime (>= 4.1.0-rc2-24027) - framework: dnxcore50, netstandard10, >= netstandard13
    System.Diagnostics.Tracing (4.1.0-rc2-24027) - framework: >= netstandard13
      System.Runtime (>= 4.1.0-rc2-24027) - framework: dnxcore50, netstandard11, netstandard12, netstandard13, >= netstandard15
    System.Globalization (4.0.11-rc2-24027) - framework: >= netstandard13
      System.Runtime (>= 4.1.0-rc2-24027) - framework: dnxcore50, netstandard10, >= netstandard13
    System.Globalization.Calendars (4.0.1-rc2-24027) - framework: >= netstandard14
      System.Globalization (>= 4.0.11-rc2-24027) - framework: >= netstandard13
      System.Runtime (>= 4.1.0-rc2-24027) - framework: >= netstandard13
    System.Globalization.Extensions (4.0.1-rc2-24027) - framework: >= netstandard13
      System.Globalization (>= 4.0.11-rc2-24027) - framework: >= netstandard13
      System.Resources.ResourceManager (>= 4.0.1-rc2-24027) - framework: >= netstandard13
      System.Runtime (>= 4.1.0-rc2-24027) - framework: >= netstandard13
      System.Runtime.Extensions (>= 4.1.0-rc2-24027) - framework: >= netstandard13
      System.Runtime.InteropServices (>= 4.1.0-rc2-24027) - framework: >= netstandard13
    System.IO (4.1.0-rc2-24027) - framework: >= netstandard13
      System.Runtime (>= 4.1.0-rc2-24027) - framework: dnxcore50, netstandard10, netstandard13, >= netstandard15
      System.Text.Encoding (>= 4.0.11-rc2-24027) - framework: dnxcore50, netstandard10, netstandard13, >= netstandard15
      System.Threading.Tasks (>= 4.0.11-rc2-24027) - framework: dnxcore50, netstandard10, netstandard13, >= netstandard15
    System.IO.FileSystem (4.0.1-rc2-24027) - framework: >= netstandard13
      System.IO (>= 4.1.0-rc2-24027) - framework: >= netstandard13
      System.IO.FileSystem.Primitives (>= 4.0.1-rc2-24027) - framework: >= net46, >= netstandard13
      System.Runtime (>= 4.1.0-rc2-24027) - framework: >= netstandard13
      System.Runtime.Handles (>= 4.0.1-rc2-24027) - framework: >= netstandard13
      System.Text.Encoding (>= 4.0.11-rc2-24027) - framework: >= netstandard13
      System.Threading.Tasks (>= 4.0.11-rc2-24027) - framework: >= netstandard13
    System.IO.FileSystem.Primitives (4.0.1-rc2-24027) - framework: >= netstandard13
      System.Runtime (>= 4.1.0-rc2-24027) - framework: >= netstandard13
    System.IO.FileSystem.Watcher (4.0.0-rc2-24027) - framework: >= netstandard14
      Microsoft.Win32.Primitives (>= 4.0.1-rc2-24027) - framework: >= netstandard13
      runtime.native.System (>= 4.0.0-rc2-24027) - framework: >= net46, >= netstandard13
      System.Collections (>= 4.0.11-rc2-24027) - framework: >= netstandard13
      System.IO.FileSystem (>= 4.0.1-rc2-24027) - framework: >= netstandard13
      System.IO.FileSystem.Primitives (>= 4.0.1-rc2-24027) - framework: >= netstandard13
      System.Resources.ResourceManager (>= 4.0.1-rc2-24027) - framework: >= netstandard13
      System.Runtime (>= 4.1.0-rc2-24027) - framework: >= netstandard13
      System.Runtime.Extensions (>= 4.1.0-rc2-24027) - framework: >= netstandard13
      System.Runtime.Handles (>= 4.0.1-rc2-24027) - framework: >= netstandard13
      System.Runtime.InteropServices (>= 4.1.0-rc2-24027) - framework: >= netstandard13
      System.Text.Encoding (>= 4.0.11-rc2-24027) - framework: >= netstandard13
      System.Threading (>= 4.0.11-rc2-24027) - framework: >= netstandard13
      System.Threading.Overlapped (>= 4.0.1-rc2-24027) - framework: >= netstandard13
      System.Threading.Tasks (>= 4.0.11-rc2-24027) - framework: >= netstandard13
      System.Threading.Thread (>= 4.0.0-rc2-24027) - framework: >= netstandard13
    System.Linq (4.1.0-rc2-24027) - framework: >= netstandard13
      System.Collections (>= 4.0.11-rc2-24027) - framework: dnxcore50, netstandard10, >= netstandard15
      System.Diagnostics.Debug (>= 4.0.11-rc2-24027) - framework: dnxcore50, >= netstandard15
      System.Resources.ResourceManager (>= 4.0.1-rc2-24027) - framework: dnxcore50, >= netstandard15
      System.Runtime (>= 4.1.0-rc2-24027) - framework: dnxcore50, netstandard10, >= netstandard15
      System.Runtime.Extensions (>= 4.1.0-rc2-24027) - framework: dnxcore50, >= netstandard15
    System.Linq.Expressions (4.0.11-rc2-24027) - framework: >= netstandard13
      System.Collections (>= 4.0.11-rc2-24027) - framework: dnxcore50, >= netstandard13
      System.Diagnostics.Debug (>= 4.0.11-rc2-24027) - framework: dnxcore50, >= netstandard13
      System.Globalization (>= 4.0.11-rc2-24027) - framework: dnxcore50, >= netstandard13
      System.IO (>= 4.1.0-rc2-24027) - framework: dnxcore50, >= netstandard13
      System.Linq (>= 4.1.0-rc2-24027) - framework: dnxcore50, >= netstandard13
      System.ObjectModel (>= 4.0.12-rc2-24027) - framework: >= netstandard13
      System.Reflection (>= 4.1.0-rc2-24027) - framework: dnxcore50, netstandard10, >= netstandard13
      System.Reflection.Emit (>= 4.0.1-rc2-24027) - framework: >= netstandard13
      System.Reflection.Emit.ILGeneration (>= 4.0.1-rc2-24027) - framework: dnxcore50, >= netstandard13
      System.Reflection.Emit.Lightweight (>= 4.0.1-rc2-24027) - framework: dnxcore50, >= netstandard13
      System.Reflection.Extensions (>= 4.0.1-rc2-24027) - framework: dnxcore50, >= netstandard13
      System.Reflection.Primitives (>= 4.0.1-rc2-24027) - framework: dnxcore50, >= netstandard13
      System.Reflection.TypeExtensions (>= 4.1.0-rc2-24027) - framework: dnxcore50, >= netstandard13
      System.Resources.ResourceManager (>= 4.0.1-rc2-24027) - framework: dnxcore50, >= netstandard13
      System.Runtime (>= 4.1.0-rc2-24027) - framework: dnxcore50, netstandard10, >= netstandard13
      System.Runtime.Extensions (>= 4.1.0-rc2-24027) - framework: dnxcore50, >= netstandard13
      System.Threading (>= 4.0.11-rc2-24027) - framework: dnxcore50, >= netstandard13
    System.Net.Primitives (4.0.11-rc2-24027) - framework: >= netstandard13
      System.Runtime (>= 4.1.0-rc2-24027) - framework: dnxcore50, netstandard10, netstandard11, >= netstandard13
      System.Runtime.Handles (>= 4.0.1-rc2-24027) - framework: dnxcore50, >= netstandard13
    System.Net.WebSockets (4.0.0-rc2-24027) - framework: >= netstandard13
      Microsoft.Win32.Primitives (>= 4.0.1-rc2-24027) - framework: >= netstandard13
      System.Resources.ResourceManager (>= 4.0.1-rc2-24027) - framework: >= netstandard13
      System.Runtime (>= 4.1.0-rc2-24027) - framework: >= netstandard13
      System.Threading.Tasks (>= 4.0.11-rc2-24027) - framework: >= netstandard13
    System.ObjectModel (4.0.12-rc2-24027) - framework: >= netstandard13
      System.Collections (>= 4.0.11-rc2-24027) - framework: dnxcore50, >= netstandard13
      System.Diagnostics.Debug (>= 4.0.11-rc2-24027) - framework: dnxcore50, >= netstandard13
      System.Resources.ResourceManager (>= 4.0.1-rc2-24027) - framework: dnxcore50, >= netstandard13
      System.Runtime (>= 4.1.0-rc2-24027) - framework: dnxcore50, netstandard10, >= netstandard13
      System.Threading (>= 4.0.11-rc2-24027) - framework: dnxcore50, >= netstandard13
    System.Reflection (4.1.0-rc2-24027) - framework: >= netstandard13
      System.IO (>= 4.1.0-rc2-24027) - framework: dnxcore50, netstandard10, netstandard13, >= netstandard15
      System.Reflection.Primitives (>= 4.0.1-rc2-24027) - framework: dnxcore50, netstandard10, netstandard13, >= netstandard15
      System.Runtime (>= 4.1.0-rc2-24027) - framework: dnxcore50, netstandard10, netstandard13, >= netstandard15
    System.Reflection.Emit (4.0.1-rc2-24027) - framework: >= netstandard13
      System.IO (>= 4.1.0-rc2-24027) - framework: >= netstandard11
      System.Reflection (>= 4.1.0-rc2-24027) - framework: >= netstandard11
      System.Reflection.Emit.ILGeneration (>= 4.0.1-rc2-24027) - framework: >= netstandard11, monotouch, xamarinios
      System.Reflection.Primitives (>= 4.0.1-rc2-24027) - framework: >= netstandard11
      System.Runtime (>= 4.1.0-rc2-24027) - framework: >= netstandard11
    System.Reflection.Emit.ILGeneration (4.0.1-rc2-24027) - framework: >= netstandard13
      System.Reflection (>= 4.1.0-rc2-24027) - framework: >= netstandard10
      System.Reflection.Primitives (>= 4.0.1-rc2-24027) - framework: >= netstandard10
      System.Runtime (>= 4.1.0-rc2-24027) - framework: >= netstandard10
    System.Reflection.Emit.Lightweight (4.0.1-rc2-24027) - framework: >= netstandard13
      System.Reflection (>= 4.1.0-rc2-24027) - framework: >= netstandard10
      System.Reflection.Emit.ILGeneration (>= 4.0.1-rc2-24027) - framework: >= netstandard10, monoandroid, monotouch, xamarinios, xamarinmac
      System.Reflection.Primitives (>= 4.0.1-rc2-24027) - framework: >= netstandard10
      System.Runtime (>= 4.1.0-rc2-24027) - framework: >= netstandard10
    System.Reflection.Extensions (4.0.1-rc2-24027) - framework: >= netstandard13
      System.Reflection (>= 4.1.0-rc2-24027) - framework: dnxcore50, >= netstandard10
      System.Runtime (>= 4.1.0-rc2-24027) - framework: dnxcore50, >= netstandard10
    System.Reflection.Primitives (4.0.1-rc2-24027) - framework: >= netstandard13
      System.Runtime (>= 4.1.0-rc2-24027) - framework: dnxcore50, >= netstandard10
    System.Reflection.TypeExtensions (4.1.0-rc2-24027) - framework: >= netstandard13
      System.Reflection (>= 4.1.0-rc2-24027) - framework: dnxcore50, netstandard13, >= netstandard15
      System.Runtime (>= 4.1.0-rc2-24027) - framework: dnxcore50, netstandard13, >= netstandard15
    System.Resources.ResourceManager (4.0.1-rc2-24027) - framework: >= netstandard13
      System.Globalization (>= 4.0.11-rc2-24027) - framework: dnxcore50, >= netstandard10
      System.Reflection (>= 4.1.0-rc2-24027) - framework: dnxcore50, >= netstandard10
      System.Runtime (>= 4.1.0-rc2-24027) - framework: dnxcore50, >= netstandard10
    System.Runtime (4.1.0-rc2-24027) - framework: >= netstandard13
    System.Runtime.Extensions (4.1.0-rc2-24027) - framework: >= netstandard13
      System.Runtime (>= 4.1.0-rc2-24027) - framework: dnxcore50, netstandard10, netstandard13, >= netstandard15
    System.Runtime.Handles (4.0.1-rc2-24027) - framework: >= netstandard13
      System.Runtime (>= 4.1.0-rc2-24027) - framework: >= netstandard13
    System.Runtime.InteropServices (4.1.0-rc2-24027) - framework: >= netstandard13
      System.Reflection (>= 4.1.0-rc2-24027) - framework: dnxcore50, netstandard11, netstandard12, netstandard13, >= netstandard15
      System.Reflection.Primitives (>= 4.0.1-rc2-24027) - framework: dnxcore50, netstandard11, netstandard12, netstandard13, >= netstandard15
      System.Runtime (>= 4.1.0-rc2-24027) - framework: dnxcore50, netstandard11, netstandard12, netstandard13, >= netstandard15
      System.Runtime.Handles (>= 4.0.1-rc2-24027) - framework: dnxcore50, netstandard13, >= netstandard15
      System.Runtime.InteropServices.PInvoke (>= 4.0.0-rc2-24027) - framework: >= netstandard15
    System.Runtime.InteropServices.PInvoke (4.0.0-rc2-24027) - framework: >= netstandard15
      System.Runtime (>= 4.1.0-rc2-24027) - framework: >= netstandard13
      System.Runtime.Handles (>= 4.0.1-rc2-24027) - framework: >= netstandard13
    System.Runtime.Numerics (4.0.1-rc2-24027) - framework: >= netstandard14
      System.Globalization (>= 4.0.11-rc2-24027) - framework: dnxcore50, >= netstandard13
      System.Resources.ResourceManager (>= 4.0.1-rc2-24027) - framework: dnxcore50, >= netstandard13
      System.Runtime (>= 4.1.0-rc2-24027) - framework: dnxcore50, netstandard11, >= netstandard13
      System.Runtime.Extensions (>= 4.1.0-rc2-24027) - framework: dnxcore50, >= netstandard13
    System.Security.Claims (4.0.1-rc2-24027) - framework: >= netstandard13
      System.Collections (>= 4.0.11-rc2-24027) - framework: >= netstandard13
      System.Globalization (>= 4.0.11-rc2-24027) - framework: >= netstandard13
      System.IO (>= 4.1.0-rc2-24027) - framework: >= netstandard13
      System.Resources.ResourceManager (>= 4.0.1-rc2-24027) - framework: >= netstandard13
      System.Runtime (>= 4.1.0-rc2-24027) - framework: >= netstandard13
      System.Runtime.Extensions (>= 4.1.0-rc2-24027) - framework: >= netstandard13
      System.Security.Principal (>= 4.0.1-rc2-24027) - framework: >= netstandard13
    System.Security.Cryptography.Algorithms (4.1.0-rc2-24027) - framework: >= netstandard13
      System.IO (>= 4.1.0-rc2-24027) - framework: >= netstandard13
      System.Resources.ResourceManager (>= 4.0.1-rc2-24027) - framework: >= netstandard14
      System.Runtime (>= 4.1.0-rc2-24027) - framework: >= netstandard13
      System.Runtime.Extensions (>= 4.1.0-rc2-24027) - framework: >= netstandard14
      System.Runtime.Handles (>= 4.0.1-rc2-24027) - framework: >= netstandard14
      System.Runtime.InteropServices (>= 4.1.0-rc2-24027) - framework: >= netstandard14
      System.Security.Cryptography.Primitives (>= 4.0.0-rc2-24027) - framework: net46, >= net461, >= netstandard13
      System.Text.Encoding (>= 4.0.11-rc2-24027) - framework: >= netstandard14
    System.Security.Cryptography.Cng (4.1.0-rc2-24027) - framework: >= netstandard14
      System.IO (>= 4.1.0-rc2-24027) - framework: >= netstandard13
      System.Resources.ResourceManager (>= 4.0.1-rc2-24027) - framework: >= netstandard14
      System.Runtime (>= 4.1.0-rc2-24027) - framework: >= netstandard13
      System.Runtime.Extensions (>= 4.1.0-rc2-24027) - framework: >= netstandard14
      System.Runtime.Handles (>= 4.0.1-rc2-24027) - framework: >= netstandard13
      System.Runtime.InteropServices (>= 4.1.0-rc2-24027) - framework: >= netstandard14
      System.Security.Cryptography.Algorithms (>= 4.1.0-rc2-24027) - framework: net46, >= net461, >= netstandard13
      System.Security.Cryptography.Primitives (>= 4.0.0-rc2-24027) - framework: net46, >= net461, >= netstandard13
      System.Text.Encoding (>= 4.0.11-rc2-24027) - framework: >= netstandard14
    System.Security.Cryptography.Csp (4.0.0-rc2-24027) - framework: >= netstandard14
      System.IO (>= 4.1.0-rc2-24027) - framework: >= netstandard13
      System.Reflection (>= 4.1.0-rc2-24027) - framework: >= netstandard13
      System.Resources.ResourceManager (>= 4.0.1-rc2-24027) - framework: >= netstandard13
      System.Runtime (>= 4.1.0-rc2-24027) - framework: >= netstandard13
      System.Runtime.Extensions (>= 4.1.0-rc2-24027) - framework: >= netstandard13
      System.Runtime.Handles (>= 4.0.1-rc2-24027) - framework: >= netstandard13
      System.Runtime.InteropServices (>= 4.1.0-rc2-24027) - framework: >= netstandard13
      System.Security.Cryptography.Algorithms (>= 4.1.0-rc2-24027) - framework: >= net46, >= netstandard13
      System.Security.Cryptography.Encoding (>= 4.0.0-rc2-24027) - framework: >= netstandard13
      System.Security.Cryptography.Primitives (>= 4.0.0-rc2-24027) - framework: >= net46, >= netstandard13
      System.Text.Encoding (>= 4.0.11-rc2-24027) - framework: >= netstandard13
      System.Threading (>= 4.0.11-rc2-24027) - framework: >= netstandard13
    System.Security.Cryptography.Encoding (4.0.0-rc2-24027) - framework: >= netstandard13
      runtime.native.System.Security.Cryptography (>= 4.0.0-rc2-24027) - framework: >= net46, >= netstandard13
      System.Collections (>= 4.0.11-rc2-24027) - framework: >= netstandard13
      System.Collections.Concurrent (>= 4.0.12-rc2-24027) - framework: >= netstandard13
      System.Diagnostics.Debug (>= 4.0.11-rc2-24027) - framework: >= netstandard13
      System.Linq (>= 4.1.0-rc2-24027) - framework: >= netstandard13
      System.Resources.ResourceManager (>= 4.0.1-rc2-24027) - framework: >= netstandard13
      System.Runtime (>= 4.1.0-rc2-24027) - framework: >= netstandard13
      System.Runtime.Extensions (>= 4.1.0-rc2-24027) - framework: >= netstandard13
      System.Runtime.Handles (>= 4.0.1-rc2-24027) - framework: >= netstandard13
      System.Runtime.InteropServices (>= 4.1.0-rc2-24027) - framework: >= netstandard13
      System.Security.Cryptography.Primitives (>= 4.0.0-rc2-24027) - framework: >= netstandard13
      System.Text.Encoding (>= 4.0.11-rc2-24027) - framework: >= netstandard13
    System.Security.Cryptography.OpenSsl (4.0.0-rc2-24027) - framework: >= netstandard14
      runtime.native.System.Security.Cryptography (>= 4.0.0-rc2-24027) - framework: >= netstandard14
      System.Collections (>= 4.0.11-rc2-24027) - framework: >= netstandard14
      System.IO (>= 4.1.0-rc2-24027) - framework: >= netstandard14
      System.Resources.ResourceManager (>= 4.0.1-rc2-24027) - framework: >= netstandard14
      System.Runtime (>= 4.1.0-rc2-24027) - framework: >= netstandard14
      System.Runtime.Extensions (>= 4.1.0-rc2-24027) - framework: >= netstandard14
      System.Runtime.Handles (>= 4.0.1-rc2-24027) - framework: >= netstandard14
      System.Runtime.InteropServices (>= 4.1.0-rc2-24027) - framework: >= netstandard14
      System.Runtime.Numerics (>= 4.0.1-rc2-24027) - framework: >= netstandard14
      System.Security.Cryptography.Algorithms (>= 4.1.0-rc2-24027) - framework: >= netstandard14
      System.Security.Cryptography.Encoding (>= 4.0.0-rc2-24027) - framework: >= netstandard14
      System.Security.Cryptography.Primitives (>= 4.0.0-rc2-24027) - framework: >= netstandard14
      System.Text.Encoding (>= 4.0.11-rc2-24027) - framework: >= netstandard14
    System.Security.Cryptography.Primitives (4.0.0-rc2-24027) - framework: >= netstandard13
      System.Diagnostics.Debug (>= 4.0.11-rc2-24027) - framework: >= netstandard13
      System.Globalization (>= 4.0.11-rc2-24027) - framework: >= netstandard13
      System.IO (>= 4.1.0-rc2-24027) - framework: >= netstandard13
      System.Resources.ResourceManager (>= 4.0.1-rc2-24027) - framework: >= netstandard13
      System.Runtime (>= 4.1.0-rc2-24027) - framework: >= netstandard13
      System.Threading (>= 4.0.11-rc2-24027) - framework: >= netstandard13
      System.Threading.Tasks (>= 4.0.11-rc2-24027) - framework: >= netstandard13
    System.Security.Cryptography.X509Certificates (4.1.0-rc2-24027) - framework: >= netstandard13
      runtime.native.System (>= 4.0.0-rc2-24027) - framework: net46, >= net461, dnxcore50, >= netstandard13
      runtime.native.System.Net.Http (>= 4.0.1-rc2-24027) - framework: net46, >= net461, dnxcore50, >= netstandard13
      runtime.native.System.Security.Cryptography (>= 4.0.0-rc2-24027) - framework: net46, >= net461, dnxcore50, >= netstandard13
      System.Collections (>= 4.0.11-rc2-24027) - framework: dnxcore50, >= netstandard14
      System.Diagnostics.Debug (>= 4.0.11-rc2-24027) - framework: >= netstandard14
      System.Globalization (>= 4.0.11-rc2-24027) - framework: dnxcore50, >= netstandard14
      System.Globalization.Calendars (>= 4.0.1-rc2-24027) - framework: dnxcore50, >= netstandard14
      System.IO (>= 4.1.0-rc2-24027) - framework: dnxcore50, >= netstandard14
      System.IO.FileSystem (>= 4.0.1-rc2-24027) - framework: dnxcore50, >= netstandard14
      System.IO.FileSystem.Primitives (>= 4.0.1-rc2-24027) - framework: >= netstandard14
      System.IO.FileSystem.Watcher (>= 4.0.0-rc2-24027) - framework: >= netstandard14
      System.Resources.ResourceManager (>= 4.0.1-rc2-24027) - framework: dnxcore50, >= netstandard14
      System.Runtime (>= 4.1.0-rc2-24027) - framework: dnxcore50, >= netstandard13
      System.Runtime.Extensions (>= 4.1.0-rc2-24027) - framework: dnxcore50, >= netstandard14
      System.Runtime.Handles (>= 4.0.1-rc2-24027) - framework: dnxcore50, >= netstandard13
      System.Runtime.InteropServices (>= 4.1.0-rc2-24027) - framework: dnxcore50, >= netstandard14
      System.Runtime.Numerics (>= 4.0.1-rc2-24027) - framework: dnxcore50, >= netstandard14
      System.Security.Cryptography.Algorithms (>= 4.1.0-rc2-24027) - framework: net46, >= net461, dnxcore50, >= netstandard13
      System.Security.Cryptography.Cng (>= 4.1.0-rc2-24027) - framework: dnxcore50, >= netstandard14
      System.Security.Cryptography.Csp (>= 4.0.0-rc2-24027) - framework: >= netstandard14
      System.Security.Cryptography.Encoding (>= 4.0.0-rc2-24027) - framework: net46, >= net461, dnxcore50, >= netstandard13
      System.Security.Cryptography.OpenSsl (>= 4.0.0-rc2-24027) - framework: >= netstandard14
      System.Security.Cryptography.Primitives (>= 4.0.0-rc2-24027) - framework: dnxcore50, >= netstandard14
      System.Text.Encoding (>= 4.0.11-rc2-24027) - framework: dnxcore50, >= netstandard14
      System.Threading (>= 4.0.11-rc2-24027) - framework: dnxcore50, >= netstandard14
    System.Security.Principal (4.0.1-rc2-24027) - framework: >= netstandard13
      System.Runtime (>= 4.1.0-rc2-24027) - framework: dnxcore50, >= netstandard10
    System.Text.Encoding (4.0.11-rc2-24027) - framework: >= netstandard13
      System.Runtime (>= 4.1.0-rc2-24027) - framework: dnxcore50, netstandard10, >= netstandard13
    System.Text.Encodings.Web (4.0.0-rc2-24027) - framework: >= net451, >= netstandard13
      System.Diagnostics.Debug (>= 4.0.11-rc2-24027) - framework: >= netstandard10
      System.IO (>= 4.1.0-rc2-24027) - framework: >= netstandard10
      System.Reflection (>= 4.1.0-rc2-24027) - framework: >= netstandard10
      System.Resources.ResourceManager (>= 4.0.1-rc2-24027) - framework: >= netstandard10
      System.Runtime (>= 4.1.0-rc2-24027) - framework: >= netstandard10
      System.Runtime.Extensions (>= 4.1.0-rc2-24027) - framework: >= netstandard10
      System.Threading (>= 4.0.11-rc2-24027) - framework: >= netstandard10
    System.Threading (4.0.11-rc2-24027) - framework: >= netstandard13
      System.Runtime (>= 4.1.0-rc2-24027) - framework: dnxcore50, netstandard10, >= netstandard13
      System.Threading.Tasks (>= 4.0.11-rc2-24027) - framework: dnxcore50, netstandard10, >= netstandard13
    System.Threading.Overlapped (4.0.1-rc2-24027) - framework: >= netstandard14
      System.Resources.ResourceManager (>= 4.0.1-rc2-24027) - framework: dnxcore50, >= netstandard13
      System.Runtime (>= 4.1.0-rc2-24027) - framework: dnxcore50, >= netstandard13
      System.Runtime.Handles (>= 4.0.1-rc2-24027) - framework: dnxcore50, >= netstandard13
    System.Threading.Tasks (4.0.11-rc2-24027) - framework: >= netstandard13
      System.Runtime (>= 4.1.0-rc2-24027) - framework: dnxcore50, netstandard10, >= netstandard13
    System.Threading.Thread (4.0.0-rc2-24027) - framework: >= netstandard14
      System.Runtime (>= 4.1.0-rc2-24027) - framework: >= netstandard13
  remote: https://www.myget.org/F/freya/api/v2
    Freya.Core (3.0.0-b301)
      Aether (>= 8.1 < 9.0)

GROUP Build
NUGET
  remote: http://www.nuget.org/api/v2
    FAKE (4.29.2)
GITHUB
  remote: xyncro/build
    build.fsx (589ed49e68b51d7de9e9de9be1adc30e26ce534d)
GROUP Test
FRAMEWORK: >= NET45
NUGET
  remote: http://www.nuget.org/api/v2
    Libuv (1.9.0-rc2-20896) - framework: >= net451
    Microsoft.AspNetCore.Hosting (1.0.0-rc2-final) - framework: >= net451
      Microsoft.AspNetCore.Hosting.Abstractions (>= 1.0.0-rc2-final) - framework: >= net451
      Microsoft.AspNetCore.Hosting.Server.Abstractions (>= 1.0.0-rc2-final) - framework: >= net451
      Microsoft.AspNetCore.Http (>= 1.0.0-rc2-final) - framework: >= net451
      Microsoft.AspNetCore.Http.Extensions (>= 1.0.0-rc2-final) - framework: >= net451
      Microsoft.Extensions.Configuration (>= 1.0.0-rc2-final) - framework: >= net451
      Microsoft.Extensions.DependencyInjection (>= 1.0.0-rc2-final) - framework: >= net451
      Microsoft.Extensions.FileProviders.Physical (>= 1.0.0-rc2-final) - framework: >= net451
      Microsoft.Extensions.Logging (>= 1.0.0-rc2-final) - framework: >= net451
      Microsoft.Extensions.Options (>= 1.0.0-rc2-final) - framework: >= net451
      Microsoft.Extensions.PlatformAbstractions (>= 1.0.0-rc2-final) - framework: >= net451
      System.Diagnostics.DiagnosticSource (>= 4.0.0-rc2-24027) - framework: >= net451
    Microsoft.AspNetCore.Hosting.Abstractions (1.0.0-rc2-final) - framework: >= net451
      Microsoft.AspNetCore.Hosting.Server.Abstractions (>= 1.0.0-rc2-final) - framework: >= net451
      Microsoft.AspNetCore.Http.Abstractions (>= 1.0.0-rc2-final) - framework: >= net451
      Microsoft.Extensions.Configuration.Abstractions (>= 1.0.0-rc2-final) - framework: >= net451
      Microsoft.Extensions.DependencyInjection.Abstractions (>= 1.0.0-rc2-final) - framework: >= net451
      Microsoft.Extensions.FileProviders.Abstractions (>= 1.0.0-rc2-final) - framework: >= net451
      Microsoft.Extensions.Logging.Abstractions (>= 1.0.0-rc2-final) - framework: >= net451
    Microsoft.AspNetCore.Hosting.Server.Abstractions (1.0.0-rc2-final)
      Microsoft.AspNetCore.Http.Features (>= 1.0.0-rc2-final) - framework: >= net451
      Microsoft.Extensions.Configuration.Abstractions (>= 1.0.0-rc2-final) - framework: >= net451
    Microsoft.AspNetCore.Http (1.0.0-rc2-final) - framework: >= net451
      Microsoft.AspNetCore.Http.Abstractions (>= 1.0.0-rc2-final) - framework: >= net451
      Microsoft.AspNetCore.WebUtilities (>= 1.0.0-rc2-final) - framework: >= net451
      Microsoft.Extensions.ObjectPool (>= 1.0.0-rc2-final) - framework: >= net451
      Microsoft.Extensions.Options (>= 1.0.0-rc2-final) - framework: >= net451
      Microsoft.Net.Http.Headers (>= 1.0.0-rc2-final) - framework: >= net451
      System.Buffers (>= 4.0.0-rc2-24027) - framework: >= net451
    Microsoft.AspNetCore.Http.Abstractions (1.0.0-rc2-final)
      Microsoft.AspNetCore.Http.Features (>= 1.0.0-rc2-final) - framework: >= net451
      System.Text.Encodings.Web (>= 4.0.0-rc2-24027) - framework: >= net451
    Microsoft.AspNetCore.Http.Extensions (1.0.0-rc2-final) - framework: >= net451
      Microsoft.AspNetCore.Http.Abstractions (>= 1.0.0-rc2-final) - framework: >= net451
      Microsoft.Extensions.FileProviders.Abstractions (>= 1.0.0-rc2-final) - framework: >= net451
      Microsoft.Net.Http.Headers (>= 1.0.0-rc2-final) - framework: >= net451
      System.Buffers (>= 4.0.0-rc2-24027) - framework: >= net451
    Microsoft.AspNetCore.Http.Features (1.0.0-rc2-final)
      Microsoft.Extensions.Primitives (>= 1.0.0-rc2-final) - framework: >= net451
    Microsoft.AspNetCore.Server.Kestrel (1.0.0-rc2-final)
      Libuv (>= 1.9.0-rc2-20896) - framework: >= net451
      Microsoft.AspNetCore.Hosting (>= 1.0.0-rc2-final) - framework: >= net451
      Microsoft.Extensions.Logging.Abstractions (>= 1.0.0-rc2-final) - framework: >= net451
      Microsoft.Extensions.PlatformAbstractions (>= 1.0.0-rc2-final) - framework: >= net451
      System.Buffers (>= 4.0.0-rc2-24027) - framework: >= net451
      System.Numerics.Vectors (>= 4.1.1-rc2-24027) - framework: >= net451
      System.Threading.Tasks.Extensions (>= 4.0.0-rc2-24027) - framework: >= net451
    Microsoft.AspNetCore.WebUtilities (1.0.0-rc2-final) - framework: >= net451
      Microsoft.Extensions.Primitives (>= 1.0.0-rc2-final) - framework: >= net451
      System.Buffers (>= 4.0.0-rc2-24027) - framework: >= net451
      System.Text.Encodings.Web (>= 4.0.0-rc2-24027) - framework: >= net451
    Microsoft.Extensions.Configuration (1.0.0-rc2-final) - framework: >= net451
    Microsoft.Extensions.Configuration.Abstractions (1.0.0-rc2-final)
    Microsoft.Extensions.DependencyInjection (1.0.0-rc2-final) - framework: >= net451
    Microsoft.Extensions.DependencyInjection.Abstractions (1.0.0-rc2-final) - framework: >= net451
    Microsoft.Extensions.FileProviders.Abstractions (1.0.0-rc2-final)
    Microsoft.Extensions.FileProviders.Physical (1.0.0-rc2-final) - framework: >= net451
      Microsoft.Extensions.FileProviders.Abstractions (>= 1.0.0-rc2-final) - framework: >= net451
      Microsoft.Extensions.FileSystemGlobbing (>= 1.0.0-rc2-final) - framework: >= net451
    Microsoft.Extensions.FileSystemGlobbing (1.0.0-rc2-final) - framework: >= net451
    Microsoft.Extensions.Logging (1.0.0-rc2-final) - framework: >= net451
    Microsoft.Extensions.Logging.Abstractions (1.0.0-rc2-final) - framework: >= net451
    Microsoft.Extensions.ObjectPool (1.0.0-rc2-final) - framework: >= net451
    Microsoft.Extensions.Options (1.0.0-rc2-final)
    Microsoft.Extensions.PlatformAbstractions (1.0.0-rc2-final)
    Microsoft.Extensions.Primitives (1.0.0-rc2-final)
    Microsoft.Net.Http.Headers (1.0.0-rc2-final)
    System.Buffers (4.0.0-rc2-24027) - framework: >= net451
    System.Diagnostics.DiagnosticSource (4.0.0-rc2-24027) - framework: >= net451
    System.Numerics.Vectors (4.1.1-rc2-24027) - framework: >= net451
    System.Text.Encodings.Web (4.0.0-rc2-24027)
    System.Threading.Tasks.Extensions (4.0.0-rc2-24027) - framework: >= net451
    Unquote (3.1.1)
    xunit (2.1)
      xunit.assert (2.1)
      xunit.core (2.1)
    xunit.abstractions (2.0)
    xunit.assert (2.1)
    xunit.core (2.1)
      xunit.extensibility.core (2.1)
      xunit.extensibility.execution (2.1)
    xunit.extensibility.core (2.1)
      xunit.abstractions (2.0)
    xunit.extensibility.execution (2.1)
      xunit.extensibility.core (2.1)
    xunit.runner.console (2.1)
